PATH
  remote: .
  specs:
    fishwife (1.10.1-java)
      rack (>= 1.6.4, < 3.0)
      rjack-jetty (>= 9.2.11, < 9.5)
      rjack-slf4j (~> 1.7.2)

GEM
  remote: https://rubygems.org/
  specs:
    diff-lcs (1.3)
    json (2.1.0-java)
    rack (2.2.3)
    rake (12.3.2)
    rdoc (4.3.0)
    rjack-jetty (9.4.20.0-java)
    rjack-logback (1.9.0-java)
      rjack-slf4j (~> 1.7.16)
    rjack-maven (3.0.5.0-java)
    rjack-slf4j (1.7.25.0-java)
    rjack-tarpit (2.1.2-java)
      rake (>= 0.9.2.2)
      rjack-maven (~> 3.0.4)
    rspec (3.6.0)
      rspec-core (~> 3.6.0)
      rspec-expectations (~> 3.6.0)
      rspec-mocks (~> 3.6.0)
    rspec-core (3.6.0)
      rspec-support (~> 3.6.0)
    rspec-expectations (3.6.0)
      diff-lcs (>= 1.2.0, < 2.0)
      rspec-support (~> 3.6.0)
    rspec-mocks (3.6.0)
      diff-lcs (>= 1.2.0, < 2.0)
      rspec-support (~> 3.6.0)
    rspec-support (3.6.0)

PLATFORMS
  java
  universal-java-1.8

DEPENDENCIES
  fishwife!
  json (~> 2.1)
  rdoc (~> 4.3.0)
  rjack-logback (~> 1.5)
  rjack-tarpit (~> 2.1)
  rspec (~> 3.6.0)

BUNDLED WITH
   1.17.3
